GIT
  remote: git://github.com/anjlab/bootstrap-rails.git
  revision: 5132d24e0e8614fbdce5c3c268fc6526406b9363
  specs:
    anjlab-bootstrap-rails (3.0.1.0)
      railties (>= 3.0)
      sass (>= 3.2)

GIT
  remote: git://github.com/mcasimir/kaminari-bootstrap.git
  revision: 1271c3a612f446ad015a32557cc59e61a58cdebe
  ref: 1271c3a
  specs:
    kaminari-bootstrap (0.1.3)
      kaminari (>= 0.13.0)
      rails

GIT
  remote: git://github.com/minimagick/minimagick.git
  revision: de72f6c83506059b3bb213ef19134f02f9404fcc
  ref: de72f6c83506059b3bb213ef19134f02f9404fcc
  specs:
    mini_magick (3.6.0)
      subexec (~> 0.2.1)

GEM
  remote: https://rubygems.org/
  specs:
    actionmailer (3.2.12)
      actionpack (= 3.2.12)
      mail (~> 2.4.4)
    actionpack (3.2.12)
      activemodel (= 3.2.12)
      activesupport (= 3.2.12)
      builder (~> 3.0.0)
      erubis (~> 2.7.0)
      journey (~> 1.0.4)
      rack (~> 1.4.5)
      rack-cache (~> 1.2)
      rack-test (~> 0.6.1)
      sprockets (~> 2.2.1)
    activemodel (3.2.12)
      activesupport (= 3.2.12)
      builder (~> 3.0.0)
    activerecord (3.2.12)
      activemodel (= 3.2.12)
      activesupport (= 3.2.12)
      arel (~> 3.0.2)
      tzinfo (~> 0.3.29)
    activeresource (3.2.12)
      activemodel (= 3.2.12)
      activesupport (= 3.2.12)
    activesupport (3.2.12)
      i18n (~> 0.6)
      multi_json (~> 1.0)
    annotate (2.5.0)
      rake
    arel (3.0.2)
    bcrypt-ruby (3.0.1-x86-mingw32)
    builder (3.0.4)
    carrierwave (0.9.0)
      activemodel (>= 3.2.0)
      activesupport (>= 3.2.0)
      json (>= 1.7)
    ckeditor (4.0.6)
      mime-types
      orm_adapter
    coffee-rails (3.2.2)
      coffee-script (>= 2.2.0)
      railties (~> 3.2.0)
    coffee-script (2.2.0)
      coffee-script-source
      execjs
    coffee-script-source (1.6.3)
    daemons (1.1.9)
    diff-lcs (1.1.3)
    erubis (2.7.0)
    eventmachine (1.0.3-x86-mingw32)
    excon (0.28.0)
    execjs (2.0.2)
    fog (1.18.0)
      builder
      excon (~> 0.28.0)
      formatador (~> 0.2.0)
      mime-types
      multi_json (~> 1.0)
      net-scp (~> 1.1)
      net-ssh (>= 2.1.3)
      nokogiri (~> 1.5)
      ruby-hmac
    formatador (0.2.4)
    haml (4.0.3)
      tilt
    hike (1.2.3)
    i18n (0.6.5)
    journey (1.0.4)
    jquery-rails (3.0.4)
      railties (>= 3.0, < 5.0)
      thor (>= 0.14, < 2.0)
    json (1.8.1)
    kaminari (0.14.1)
      actionpack (>= 3.0.0)
      activesupport (>= 3.0.0)
    mail (2.4.4)
      i18n (>= 0.4.0)
      mime-types (~> 1.16)
      treetop (~> 1.4.8)
    meta-tags (1.5.0)
      actionpack
    mime-types (1.25)
    mini_portile (0.5.2)
    multi_json (1.8.2)
    net-scp (1.1.2)
      net-ssh (>= 2.6.5)
    net-ssh (2.7.0)
    nokogiri (1.6.0-x86-mingw32)
      mini_portile (~> 0.5.0)
    orm_adapter (0.4.0)
    pg (0.16.0-x86-mingw32)
    polyglot (0.3.3)
    rack (1.4.5)
    rack-cache (1.2)
      rack (>= 0.4)
    rack-ssl (1.3.3)
      rack
    rack-test (0.6.2)
      rack (>= 1.0)
    rails (3.2.12)
      actionmailer (= 3.2.12)
      actionpack (= 3.2.12)
      activerecord (= 3.2.12)
      activeresource (= 3.2.12)
      activesupport (= 3.2.12)
      bundler (~> 1.0)
      railties (= 3.2.12)
    rails_autolink (1.1.5)
      rails (> 3.1)
    railties (3.2.12)
      actionpack (= 3.2.12)
      activesupport (= 3.2.12)
      rack-ssl (~> 1.3.2)
      rake (>= 0.8.7)
      rdoc (~> 3.4)
      thor (>= 0.14.6, < 2.0)
    rake (10.1.0)
    rdoc (3.12.2)
      json (~> 1.4)
    rspec (2.11.0)
      rspec-core (~> 2.11.0)
      rspec-expectations (~> 2.11.0)
      rspec-mocks (~> 2.11.0)
    rspec-core (2.11.1)
    rspec-expectations (2.11.3)
      diff-lcs (~> 1.1.3)
    rspec-mocks (2.11.3)
    rspec-rails (2.11.0)
      actionpack (>= 3.0)
      activesupport (>= 3.0)
      railties (>= 3.0)
      rspec (~> 2.11.0)
    ruby-hmac (0.4.0)
    sass (3.2.12)
    sass-rails (3.2.6)
      railties (~> 3.2.0)
      sass (>= 3.1.10)
      tilt (~> 1.3)
    sprockets (2.2.2)
      hike (~> 1.2)
      multi_json (~> 1.0)
      rack (~> 1.0)
      tilt (~> 1.1, != 1.3.0)
    sqlite3 (1.3.8-x86-mingw32)
    subexec (0.2.3)
    thin (1.6.1)
      daemons (>= 1.0.9)
      eventmachine (>= 1.0.0)
      rack (>= 1.0.0)
    thor (0.18.1)
    tilt (1.4.1)
    treetop (1.4.15)
      polyglot
      polyglot (>= 0.3.1)
    tzinfo (0.3.38)
    uglifier (2.3.0)
      execjs (>= 0.3.0)
      json (>= 1.8.0)

PLATFORMS
  x86-mingw32

DEPENDENCIES
  anjlab-bootstrap-rails!
  annotate
  bcrypt-ruby (~> 3.0.1)
  carrierwave
  ckeditor
  coffee-rails (~> 3.2.1)
  fog
  haml
  jquery-rails
  kaminari
  kaminari-bootstrap!
  meta-tags
  mini_magick!
  nokogiri
  pg (~> 0.16.0)
  rails (= 3.2.12)
  rails_autolink
  rspec-rails (= 2.11.0)
  sass-rails (~> 3.2.3)
  sqlite3
  thin
  uglifier (>= 1.2.3)
